GIT
  remote: git://github.com/johnbintz/jasmine-headless-webkit.git
  revision: 30e1ff8e51ada9071ae4a17c61c148d200c90a80
  branch: master
  specs:
    jasmine-headless-webkit (0.9.0.rc.2)
      coffee-script
      jasmine-core
      multi_json (>= 1.2.0)
      rainbow
      sprockets
      sprockets-vendor_gems

GIT
  remote: https://github.com/guard/guard.git
  revision: cdf561cd6feee2cf9b3da190fe56693d1f7bcec3
  specs:
    guard (1.0.2)
      ffi (>= 0.5.0)
      thor (~> 0.14.6)

GIT
  remote: https://github.com/johnbintz/guard-jasmine-headless-webkit.git
  revision: 644f24cc4cba590c99572f6ea87335e24fb93264
  specs:
    guard-jasmine-headless-webkit (0.4.0.rc1)
      guard (>= 0.4.0)
      jasmine-headless-webkit (>= 0.7.0)

GIT
  remote: https://github.com/thibaudgg/rb-fsevent.git
  revision: 63c552f0af8ac5a0bd025d34a49f60e6bcffb099
  specs:
    rb-fsevent (0.9.1)

GEM
  remote: http://rubygems.org/
  specs:
    POpen4 (0.1.4)
      Platform (>= 0.4.0)
      open4
    Platform (0.4.0)
    addressable (2.2.8)
    childprocess (0.3.2)
      ffi (~> 1.0.6)
    chunky_png (1.2.5)
    coffee-script (2.2.0)
      coffee-script-source
      execjs
    coffee-script-source (1.3.1)
    compass (0.12.1)
      chunky_png (~> 1.2)
      fssm (>= 0.2.7)
      sass (~> 3.1)
    daemons (1.1.8)
    diff-lcs (1.1.3)
    eventmachine (0.12.10)
    execjs (1.3.2)
      multi_json (~> 1.0)
    ffi (1.0.11)
    foreman (0.46.0)
      thor (>= 0.13.6)
    fssm (0.2.9)
    growl (1.0.3)
    guard-jammit (0.3.0)
      guard (>= 0.8.3)
      jammit
    guard-rspec (0.7.0)
      guard (>= 0.10.0)
    haml (3.1.4)
    hike (1.2.1)
    jammit (0.6.5)
      yui-compressor (>= 0.9.3)
    jasmine (1.1.2)
      jasmine-core (>= 1.1.0)
      rack (>= 1.1)
      rspec (>= 1.3.1)
      selenium-webdriver (>= 0.1.3)
    jasmine-core (1.1.0)
    json_pure (1.5.4)
      spruz (~> 0.2.8)
    libwebsocket (0.1.3)
      addressable
    multi_json (1.3.4)
    open4 (1.3.0)
    rack (1.4.1)
    rack-protection (1.2.0)
      rack
    rack-test (0.6.1)
      rack (>= 1.0)
    rainbow (1.1.4)
    rake (0.9.2.2)
    rspec (2.10.0)
      rspec-core (~> 2.10.0)
      rspec-expectations (~> 2.10.0)
      rspec-mocks (~> 2.10.0)
    rspec-core (2.10.0)
    rspec-expectations (2.10.0)
      diff-lcs (~> 1.1.3)
    rspec-mocks (2.10.1)
    rubyzip (0.9.8)
    sass (3.1.17)
    selenium-webdriver (2.21.2)
      childprocess (>= 0.2.5)
      ffi (~> 1.0)
      libwebsocket (~> 0.1.3)
      multi_json (~> 1.0)
      rubyzip
    sinatra (1.3.2)
      rack (~> 1.3, >= 1.3.6)
      rack-protection (~> 1.2)
      tilt (~> 1.3, >= 1.3.3)
    sprockets (2.4.2)
      hike (~> 1.2)
      multi_json (~> 1.0)
      rack (~> 1.0)
      tilt (~> 1.1, != 1.3.0)
    sprockets-vendor_gems (0.1.1)
    spruz (0.2.13)
    thin (1.3.1)
      daemons (>= 1.0.9)
      eventmachine (>= 0.12.6)
      rack (>= 1.0.0)
    thor (0.14.6)
    tilt (1.3.3)
    yui-compressor (0.9.6)
      POpen4 (>= 0.1.4)

PLATFORMS
  ruby

DEPENDENCIES
  compass
  foreman
  growl
  guard!
  guard-jammit
  guard-jasmine-headless-webkit!
  guard-rspec
  haml
  jammit
  jasmine
  jasmine-headless-webkit!
  json_pure (~> 1.5.3)
  rack-test
  rake
  rb-fsevent!
  rspec
  sinatra
  thin
